GEM
  remote: https://rubygems.org/
  specs:
    addressable (2.8.1)
      public_suffix (>= 2.0.2, < 6.0)
    colorator (1.1.0)
    concurrent-ruby (1.1.6)
    em-websocket (0.5.1)
      eventmachine (>= 0.12.9)
      http_parser.rb (~> 0.6.0)
    eventmachine (1.2.7)
    faraday (1.0.1)
      multipart-post (>= 1.2, < 3)
    ffi (1.12.2)
    forwardable-extended (2.6.0)
    http_parser.rb (0.6.0)
    i18n (0.9.5)
      concurrent-ruby (~> 1.0)
    jekyll (3.8.6)
      addressable (~> 2.4)
      colorator (~> 1.0)
      em-websocket (~> 0.5)
      i18n (~> 0.7)
      jekyll-sass-converter (~> 1.0)
      jekyll-watch (~> 2.0)
      kramdown (~> 1.14)
      liquid (~> 4.0)
      mercenary (~> 0.3.3)
      pathutil (~> 0.9)
      rouge (>= 1.7, < 4)
      safe_yaml (~> 1.0)
    jekyll-feed (0.13.0)
      jekyll (>= 3.7, < 5.0)
    jekyll-github-metadata (2.13.0)
      jekyll (>= 3.4, < 5.0)
      octokit (~> 4.0, != 4.4.0)
    jekyll-remote-theme (0.4.2)
      addressable (~> 2.0)
      jekyll (>= 3.5, < 5.0)
      jekyll-sass-converter (>= 1.0, <= 3.0.0, != 2.0.0)
      rubyzip (>= 1.3.0, < 3.0)
    jekyll-sass-converter (1.5.2)
      sass (~> 3.4)
    jekyll-seo-tag (2.6.1)
      jekyll (>= 3.3, < 5.0)
    jekyll-theme-architect (0.1.1)
      jekyll (~> 3.5)
      jekyll-seo-tag (~> 2.0)
    jekyll-theme-cayman (0.1.1)
      jekyll (~> 3.5)
      jekyll-seo-tag (~> 2.0)
    jekyll-theme-dinky (0.1.1)
      jekyll (~> 3.5)
      jekyll-seo-tag (~> 2.0)
    jekyll-theme-hacker (0.1.1)
      jekyll (~> 3.5)
      jekyll-seo-tag (~> 2.0)
    jekyll-theme-leap-day (0.1.1)
      jekyll (~> 3.5)
      jekyll-seo-tag (~> 2.0)
    jekyll-theme-merlot (0.1.1)
      jekyll (~> 3.5)
      jekyll-seo-tag (~> 2.0)
    jekyll-theme-midnight (0.1.1)
      jekyll (~> 3.5)
      jekyll-seo-tag (~> 2.0)
    jekyll-theme-minimal (0.1.1)
      jekyll (~> 3.5)
      jekyll-seo-tag (~> 2.0)
    jekyll-theme-modernist (0.1.1)
      jekyll (~> 3.5)
      jekyll-seo-tag (~> 2.0)
    jekyll-theme-primer (0.5.4)
      jekyll (> 3.5, < 5.0)
      jekyll-github-metadata (~> 2.9)
      jekyll-seo-tag (~> 2.0)
    jekyll-theme-slate (0.1.1)
      jekyll (~> 3.5)
      jekyll-seo-tag (~> 2.0)
    jekyll-theme-tactile (0.1.1)
      jekyll (~> 3.5)
      jekyll-seo-tag (~> 2.0)
    jekyll-theme-time-machine (0.1.1)
      jekyll (~> 3.5)
      jekyll-seo-tag (~> 2.0)
    jekyll-watch (2.2.1)
      listen (~> 3.0)
    kramdown (1.17.0)
    liquid (4.0.3)
    listen (3.2.1)
      rb-fsevent (~> 0.10, >= 0.10.3)
      rb-inotify (~> 0.9, >= 0.9.10)
    mercenary (0.3.6)
    minima (2.5.1)
      jekyll (>= 3.5, < 5.0)
      jekyll-feed (~> 0.9)
      jekyll-seo-tag (~> 2.1)
    multipart-post (2.1.1)
    octokit (4.18.0)
      faraday (>= 0.9)
      sawyer (~> 0.8.0, >= 0.5.3)
    openssl (2.1.2)
    pathutil (0.16.2)
      forwardable-extended (~> 2.6)
    public_suffix (4.0.7)
    rb-fsevent (0.10.4)
    rb-inotify (0.10.1)
      ffi (~> 1.0)
    repla (0.10.4)
    rouge (3.18.0)
    rubyzip (2.3.0)
    safe_yaml (1.0.5)
    sass (3.7.4)
      sass-listen (~> 4.0.0)
    sass-listen (4.0.0)
      rb-fsevent (~> 0.9, >= 0.9.4)
      rb-inotify (~> 0.9, >= 0.9.7)
    sawyer (0.8.2)
      addressable (>= 2.3.5)
      faraday (> 0.8, < 2.0)

PLATFORMS
  ruby

DEPENDENCIES
  jekyll
  jekyll-remote-theme
  jekyll-theme-architect
  jekyll-theme-cayman
  jekyll-theme-dinky
  jekyll-theme-hacker
  jekyll-theme-leap-day
  jekyll-theme-merlot
  jekyll-theme-midnight
  jekyll-theme-minimal
  jekyll-theme-modernist
  jekyll-theme-primer
  jekyll-theme-slate
  jekyll-theme-tactile
  jekyll-theme-time-machine
  minima
  openssl
  repla

RUBY VERSION
   ruby 2.4.1p111

BUNDLED WITH
   2.1.2
